GEM
  specs:
    hpricot (0.8.3)
    rack (1.2.1)
    sinatra (1.1.2)
      rack (~> 1.1)
      tilt (~> 1.2)
    tilt (1.2.1)

PLATFORMS
  ruby

DEPENDENCIES
  hpricot (= 0.8.3)
  sinatra (= 1.1.2)
